GEM
  remote: https://rubygems.org/
  specs:
    curb (0.7.15)
    diff-lcs (1.1.3)
    flog (4.1.0)
      ruby_parser (~> 3.1, > 3.1.0)
      sexp_processor (~> 4.0)
    multi_json (1.0.4)
    rake (0.9.2.2)
    rspec (2.10.0)
      rspec-core (~> 2.10.0)
      rspec-expectations (~> 2.10.0)
      rspec-mocks (~> 2.10.0)
    rspec-core (2.10.1)
    rspec-expectations (2.10.0)
      diff-lcs (~> 1.1.3)
    rspec-mocks (2.10.1)
    ruby_parser (3.1.3)
      sexp_processor (~> 4.1)
    sexp_processor (4.2.1)
    simplecov (0.5.4)
      multi_json (~> 1.0.3)
      simplecov-html (~> 0.5.3)
    simplecov-html (0.5.3)
    simplecov-rcov (0.2.3)
      simplecov (>= 0.4.1)
    yajl-ruby (1.1.0)

PLATFORMS
  ruby

DEPENDENCIES
  curb (= 0.7.15)
  flog
  rake (~> 0.9.2.2)
  rspec (~> 2.10.0)
  simplecov (~> 0.5.4)
  simplecov-rcov (~> 0.2.3)
  yajl-ruby (= 1.1.0)
